GEM
  remote: http://rubygems.org/
  specs:
    diff-lcs (1.1.3)
    facter (1.6.17)
    hiera (1.1.2)
      json_pure
    json_pure (1.7.7)
    puppet (3.1.0)
      facter (~> 1.6)
      hiera (~> 1.0)
    rake (0.9.2)
    rspec (2.12.0)
      rspec-core (~> 2.12.0)
      rspec-expectations (~> 2.12.0)
      rspec-mocks (~> 2.12.0)
    rspec-core (2.12.2)
    rspec-expectations (2.12.1)
      diff-lcs (~> 1.1.3)
    rspec-mocks (2.12.2)
    rspec-puppet (0.1.6)
      rspec

PLATFORMS
  ruby

DEPENDENCIES
  puppet (>= 2.7)
  rake (>= 0.9.0)
  rspec (>= 2.8.0)
  rspec-puppet (>= 0.1.1)
